GEM
  remote: https://rubygems.org/
  specs:
    RedCloth (4.2.9)
    addressable (2.7.0)
      public_suffix (>= 2.0.2, < 5.0)
    chunky_png (1.3.11)
    coderay (1.1.2)
    colorator (1.1.0)
    compass (0.12.7)
      chunky_png (~> 1.2)
      fssm (>= 0.2.7)
      sass (~> 3.2.19)
    execjs (2.7.0)
    ffi (1.12.2)
    forwardable-extended (2.6.0)
    fssm (0.2.10)
    haml (5.0.0)
      temple (>= 0.8.0)
      tilt
    jekyll (3.6.3)
      addressable (~> 2.4)
      colorator (~> 1.0)
      jekyll-sass-converter (~> 1.0)
      jekyll-watch (~> 1.1)
      kramdown (~> 1.14)
      liquid (~> 4.0)
      mercenary (~> 0.3.3)
      pathutil (~> 0.9)
      rouge (>= 1.7, < 3)
      safe_yaml (~> 1.0)
    jekyll-feed (0.11.0)
      jekyll (~> 3.3)
    jekyll-paginate (1.1.0)
    jekyll-sass-converter (1.3.0)
      sass (~> 3.2)
    jekyll-sitemap (1.2.0)
      jekyll (~> 3.3)
    jekyll-time-to-read (0.1.2)
      jekyll
    jekyll-watch (1.5.1)
      listen (~> 3.0)
    kramdown (1.17.0)
    libv8 (3.16.14.19)
    liquid (4.0.3)
    listen (3.2.1)
      rb-fsevent (~> 0.10, >= 0.10.3)
      rb-inotify (~> 0.9, >= 0.9.10)
    mercenary (0.3.6)
    multi_json (1.14.1)
    octopress (3.0.11)
      jekyll (>= 2.0)
      mercenary (~> 0.3.2)
      octopress-deploy
      octopress-escape-code (~> 2.0)
      octopress-hooks (~> 2.0)
      redcarpet (~> 3.0)
      titlecase
    octopress-deploy (1.3.0)
      colorator
    octopress-escape-code (2.1.1)
      jekyll (~> 3.0)
    octopress-filters (1.4.0)
      jekyll
      octopress-hooks (~> 2.0)
      rubypants-unicode
      titlecase
    octopress-hooks (2.6.2)
      jekyll (>= 2.0)
    octopress-include-tag (1.1.3)
      jekyll (>= 2.0)
      octopress-tag-helpers (~> 1.0)
    octopress-tag-helpers (1.0.9)
      jekyll (>= 2.0)
    pathutil (0.16.2)
      forwardable-extended (~> 2.6)
    public_suffix (4.0.3)
    pygments.rb (1.1.2)
      multi_json (>= 1.0.0)
    rack (1.6.13)
    rack-protection (1.5.5)
      rack
    rake (10.5.0)
    rake-jekyll (1.1.0)
      rake (~> 10.0)
    rb-fsevent (0.10.3)
    rb-inotify (0.10.1)
      ffi (~> 1.0)
    rdiscount (2.2.0.1)
    redcarpet (3.5.0)
    ref (2.0.0)
    rouge (2.2.1)
    rubypants (0.2.0)
    rubypants-unicode (0.2.5)
    safe_yaml (1.0.5)
    sass (3.2.19)
    sass-globbing (1.0.0)
      sass (>= 3.1)
    sinatra (1.4.8)
      rack (~> 1.5)
      rack-protection (~> 1.4)
      tilt (>= 1.3, < 3)
    stringex (1.4.0)
    temple (0.8.2)
    therubyracer (0.12.3)
      libv8 (~> 3.16.14.15)
      ref
    tilt (2.0.10)
    titlecase (0.1.1)

PLATFORMS
  ruby

DEPENDENCIES
  RedCloth (~> 4.2.9)
  coderay (~> 1.1.0)
  compass (~> 0.12.2)
  execjs
  haml (~> 5.0)
  jekyll (~> 3.6.3)
  jekyll-feed
  jekyll-paginate
  jekyll-sitemap
  jekyll-time-to-read
  octopress (~> 3.0.11)
  octopress-filters
  octopress-include-tag
  pygments.rb (~> 1.1.0)
  rake (~> 10.5.0)
  rake-jekyll (~> 1.1.0)
  rb-fsevent (~> 0.9)
  rdiscount (~> 2.0)
  rubypants (~> 0.2.0)
  sass-globbing (~> 1.0.0)
  sinatra (~> 1.4.7)
  stringex (~> 1.4.0)
  therubyracer

BUNDLED WITH
   1.16.4
